PATH
  remote: .
  specs:
    TimeSeriesAnalyzer (0.1.0)

GEM
  remote: https://rubygems.org/
  specs:
    csv (3.2.6)
    diff-lcs (1.5.1)
    matrix (0.4.2)
    observer (0.1.1)
    pkg-config (1.5.6)
    rake (13.2.1)
    rmagick (6.0.1)
      observer (~> 0.1)
      pkg-config (~> 1.4)
    rspec (3.13.0)
      rspec-core (~> 3.13.0)
      rspec-expectations (~> 3.13.0)
      rspec-mocks (~> 3.13.0)
    rspec-core (3.13.0)
      rspec-support (~> 3.13.0)
    rspec-expectations (3.13.0)
      diff-lcs (>= 1.2.0, < 2.0)
      rspec-support (~> 3.13.0)
    rspec-mocks (3.13.1)
      diff-lcs (>= 1.2.0, < 2.0)
      rspec-support (~> 3.13.0)
    rspec-support (3.13.1)

PLATFORMS
  x64-mingw-ucrt
  x86_64-linux

DEPENDENCIES
  TimeSeriesAnalyzer!
  csv (~> 3.2.1)
  matrix (~> 0.4.2)
  rake (~> 13.0)
  rmagick (~> 6.0.1)
  rspec (~> 3.0)

BUNDLED WITH
   2.4.19
